GEM
  remote: https://rubygems.org/
  specs:
    ast (2.4.3)
    parser (3.3.9.0)
      ast (~> 2.4.1)
      racc
    racc (1.8.1)

PLATFORMS
  x86_64-linux

DEPENDENCIES
  parser (~> 3.3)

RUBY VERSION
   ruby 3.2.9p265

BUNDLED WITH
   2.4.19
